GEM
  remote: http://rubygems.org/
  specs:
    ADB (0.5.5)
      childprocess (>= 0.3.5)
    brazenhead (0.4.6)
      childprocess (>= 0.3.5)
    builder (3.2.0)
    childprocess (0.3.9)
      ffi (~> 1.0, >= 1.0.11)
    coderay (1.0.9)
    cucumber (1.2.3)
      builder (>= 2.1.2)
      diff-lcs (>= 1.1.3)
      gherkin (~> 2.11.6)
      multi_json (~> 1.3)
    data_magic (0.14)
      faker (>= 1.1.2)
      yml_reader (>= 0.2)
    diff-lcs (1.2.1)
    faker (1.1.2)
      i18n (~> 0.5)
    ffi (1.5.0)
    gametel (0.5.6)
      ADB (>= 0.5.5)
      brazenhead (>= 0.4.6)
      page_navigation (>= 0.7)
    gherkin (2.11.6)
      json (>= 1.7.6)
    i18n (0.6.4)
    json (1.7.7)
    method_source (0.8.1)
    multi_json (1.7.2)
    page_navigation (0.7)
      data_magic (>= 0.14)
    pry (0.9.12)
      coderay (~> 1.0.5)
      method_source (~> 0.8)
      slop (~> 3.4)
    rake (10.0.3)
    require_all (1.2.1)
    rspec (2.13.0)
      rspec-core (~> 2.13.0)
      rspec-expectations (~> 2.13.0)
      rspec-mocks (~> 2.13.0)
    rspec-core (2.13.1)
    rspec-expectations (2.13.0)
      diff-lcs (>= 1.1.3, < 2.0)
    rspec-mocks (2.13.0)
    slop (3.4.4)
    yml_reader (0.2)

PLATFORMS
  ruby

DEPENDENCIES
  cucumber
  gametel
  pry
  rake
  require_all
  rspec
